GEM
  specs:
    httpclient (2.8.3)
    io-console (0.5.6)
    irb (1.2.4)
      reline (>= 0.0.1)
    reline (0.1.4)
      io-console (~> 0.5)
    tinify (1.5.0)
      httpclient (~> 2.6)

PLATFORMS
  ruby

DEPENDENCIES
  irb
  tinify

BUNDLED WITH
   1.17.3
